GEM
  remote: https://rubygems.org/
  specs:
    breakpoint (2.0.5)
      compass (>= 0.12.1)
      sass (>= 3.2.0)
    chunky_png (1.3.3)
    compass (0.12.2)
      chunky_png (~> 1.2)
      fssm (>= 0.2.7)
      sass (~> 3.1)
    compass-susy-plugin (0.9)
      compass (>= 0.11.1)
    fssm (0.2.10)
    sass (3.2.9)
    sass-globbing (1.1.1)
      sass (>= 3.1)
    sassy-buttons (0.2.6)
      compass (>= 0.12.2)
    susy (1.0.9)
      compass (>= 0.12.2)
      sass (>= 3.2.0)
    zen-grids (1.4)
      sass (>= 3.1)

PLATFORMS
  ruby

DEPENDENCIES
  breakpoint (= 2.0.5)
  compass (= 0.12.2)
  compass-susy-plugin (= 0.9)
  sass (= 3.2.9)
  sass-globbing
  sassy-buttons
  susy (= 1.0.9)
  zen-grids (= 1.4)
